GEM
  remote: http://rubygems.org/
  specs:
    diff-lcs (1.1.2)
    haml (3.1.2)
    json (1.5.3)
    rack (1.3.1)
    rack-test (0.6.0)
      rack (>= 1.0)
    redis (2.2.1)
    rspec (2.6.0)
      rspec-core (~> 2.6.0)
      rspec-expectations (~> 2.6.0)
      rspec-mocks (~> 2.6.0)
    rspec-core (2.6.4)
    rspec-expectations (2.6.0)
      diff-lcs (~> 1.1.2)
    rspec-mocks (2.6.0)
    sinatra (1.2.6)
      rack (~> 1.1)
      tilt (< 2.0, >= 1.2.2)
    tilt (1.3.2)

PLATFORMS
  ruby

DEPENDENCIES
  bundler
  haml
  json
  rack-test
  redis
  rspec
  sinatra
