GEM
  remote: http://rubygems.org/
  specs:
    diff-lcs (1.1.3)
    evernote (1.1.0)
      thrift_client
    haml (3.1.2)
    json (1.5.4)
    oauth (0.4.5)
    rack (1.3.2)
    rack-test (0.6.1)
      rack (>= 1.0)
    redis (2.2.2)
    rspec (2.6.0)
      rspec-core (~> 2.6.0)
      rspec-expectations (~> 2.6.0)
      rspec-mocks (~> 2.6.0)
    rspec-core (2.6.4)
    rspec-expectations (2.6.0)
      diff-lcs (~> 1.1.2)
    rspec-mocks (2.6.0)
    sinatra (1.2.6)
      rack (~> 1.1)
      tilt (< 2.0, >= 1.2.2)
    thrift (0.7.0)
    thrift_client (0.7.0)
      thrift (~> 0.7.0)
    tilt (1.3.3)

PLATFORMS
  ruby

DEPENDENCIES
  bundler
  evernote
  haml
  json
  oauth
  rack-test
  redis
  rspec
  sinatra
